GEM
  remote: https://rubygems.org/
  specs:
    serialport (1.3.0)
    sqlite3 (1.3.9)

PLATFORMS
  ruby

DEPENDENCIES
  serialport
  sqlite3
